GIT
  remote: git://github.com/rkh/gh.git
  revision: 0cd3849664a6a5ac576398077935e37e820de5d5
  specs:
    gh (0.11.2)
      addressable
      backports
      faraday (~> 0.8)
      multi_json (~> 1.0)
      net-http-persistent (>= 2.7)
      net-http-pipeline

GIT
  remote: git://github.com/sinatra/sinatra.git
  revision: a42b15fa4daba1cbb742ae4aeb2a00eca12817d1
  specs:
    sinatra (1.4.2)
      rack (~> 1.4)
      rack-protection (~> 1.4)
      tilt (~> 1.3, >= 1.3.4)

GIT
  remote: git://github.com/travis-ci/travis-core.git
  revision: c62d21c8b876c36c85697d448c6fae8a5809dd89
  specs:
    travis-core (0.0.1)
      actionmailer (~> 3.2.12)
      activerecord (~> 3.2.12)
      coder (~> 0.3.0)
      data_migrations (~> 0.0.1)
      gh
      hashr (~> 0.0.19)
      metriks (~> 0.9.7)
      multi_json
      pusher (~> 0.11.0)
      railties (~> 3.2.12)
      rake
      redis (~> 3.0)
      rollout (~> 1.1.0)
      simple_states (~> 0.1.1)
      thor (~> 0.14.6)

GIT
  remote: git://github.com/travis-ci/travis-sidekiqs.git
  revision: df0b0c183dfbf4a55c0925dba0df412c690db05b
  specs:
    travis-sidekiqs (0.0.1)
      sidekiq (~> 2.8.0)

GIT
  remote: git://github.com/travis-ci/travis-support.git
  revision: 6eb091cd4be5891cfd2e1d5b64b0e6754a798304
  specs:
    travis-support (0.0.1)

GEM
  remote: https://rubygems.org/
  specs:
    actionmailer (3.2.13)
      actionpack (= 3.2.13)
      mail (~> 2.5.3)
    actionpack (3.2.13)
      activemodel (= 3.2.13)
      activesupport (= 3.2.13)
      builder (~> 3.0.0)
      erubis (~> 2.7.0)
      journey (~> 1.0.4)
      rack (~> 1.4.5)
      rack-cache (~> 1.2)
      rack-test (~> 0.6.1)
      sprockets (~> 2.2.1)
    activemodel (3.2.13)
      activesupport (= 3.2.13)
      builder (~> 3.0.0)
    activerecord (3.2.13)
      activemodel (= 3.2.13)
      activesupport (= 3.2.13)
      arel (~> 3.0.2)
      tzinfo (~> 0.3.29)
    activesupport (3.2.13)
      i18n (= 0.6.1)
      multi_json (~> 1.0)
    addressable (2.3.4)
    arel (3.0.2)
    atomic (1.1.9)
    avl_tree (1.1.3)
    backports (3.3.0)
    builder (3.0.4)
    celluloid (0.12.4)
      facter (>= 1.6.12)
      timers (>= 1.0.0)
    coder (0.3.0)
    coderay (1.0.9)
    connection_pool (1.0.0)
    daemons (1.1.9)
    data_migrations (0.0.1)
      activerecord
      rake
    erubis (2.7.0)
    eventmachine (1.0.3)
    facter (1.7.1)
    faraday (0.8.7)
      multipart-post (~> 1.1)
    ffi (1.8.1)
    hashr (0.0.22)
    hike (1.2.2)
    hitimes (1.2.1)
    i18n (0.6.1)
    journey (1.0.4)
    json (1.8.0)
    listen (1.0.3)
      rb-fsevent (>= 0.9.3)
      rb-inotify (>= 0.9)
      rb-kqueue (>= 0.2)
    mail (2.5.4)
      mime-types (~> 1.16)
      treetop (~> 1.4.8)
    method_source (0.8.1)
    metriks (0.9.9.4)
      atomic (~> 1.0)
      avl_tree (~> 1.1.2)
      hitimes (~> 1.1)
    mime-types (1.23)
    multi_json (1.7.3)
    multipart-post (1.2.0)
    net-http-persistent (2.8)
    net-http-pipeline (1.0.1)
    pg (0.15.1)
    polyglot (0.3.3)
    pry (0.9.12.1)
      coderay (~> 1.0.5)
      method_source (~> 0.8)
      slop (~> 3.4)
    pusher (0.11.3)
      multi_json (~> 1.0)
      signature (~> 0.1.6)
    rack (1.4.5)
    rack-cache (1.2)
      rack (>= 0.4)
    rack-protection (1.5.0)
      rack
    rack-ssl (1.3.3)
      rack
    rack-test (0.6.2)
      rack (>= 1.0)
    railties (3.2.13)
      actionpack (= 3.2.13)
      activesupport (= 3.2.13)
      rack-ssl (~> 1.3.2)
      rake (>= 0.8.7)
      rdoc (~> 3.4)
      thor (>= 0.14.6, < 2.0)
    rake (10.0.4)
    rb-fsevent (0.9.3)
    rb-inotify (0.9.0)
      ffi (>= 0.5.0)
    rb-kqueue (0.2.0)
      ffi (>= 0.5.0)
    rdoc (3.12.2)
      json (~> 1.4)
    redcarpet (2.2.2)
    redis (3.0.4)
    redis-namespace (1.3.0)
      redis (~> 3.0.0)
    rerun (0.8.0)
      listen
    rollout (1.1.0)
    sidekiq (2.8.0)
      celluloid (~> 0.12.0)
      connection_pool (~> 1.0)
      multi_json (~> 1)
      redis (~> 3)
      redis-namespace
    signature (0.1.7)
    simple_states (0.1.1)
      activesupport
      hashr (~> 0.0.10)
    slim (1.3.9)
      temple (~> 0.6.3)
      tilt (~> 1.3, >= 1.3.3)
    slop (3.4.4)
    sprockets (2.2.2)
      hike (~> 1.2)
      multi_json (~> 1.0)
      rack (~> 1.0)
      tilt (~> 1.1, != 1.3.0)
    temple (0.6.5)
    thin (1.5.1)
      daemons (>= 1.0.9)
      eventmachine (>= 0.12.6)
      rack (>= 1.0.0)
    thor (0.14.6)
    tilt (1.4.1)
    timers (1.1.0)
    treetop (1.4.12)
      polyglot
      polyglot (>= 0.3.1)
    tzinfo (0.3.37)

PLATFORMS
  ruby

DEPENDENCIES
  gh!
  pg
  pry
  redcarpet
  rerun
  sinatra!
  slim (~> 1.3)
  thin
  travis-core!
  travis-sidekiqs!
  travis-support!
